GEM
  remote: http://rubygems.org/
  specs:
    git (1.2.5)
    jeweler (1.5.2)
      bundler (~> 1.0.0)
      git (>= 1.2.5)
      rake
    json_pure (1.4.6)
    rake (0.8.7)
    rbx-require-relative (0.0.5)
    rcov (0.9.9)

PLATFORMS
  ruby

DEPENDENCIES
  bundler
  jeweler
  json_pure
  rbx-require-relative
  rcov
